GEM
  remote: https://rubygems.org/
  specs:
    equatable (0.5.0)
    necromancer (0.3.0)
    pastel (0.5.3)
      equatable (~> 0.5.0)
      tty-screen (~> 0.4.3)
    tty (0.3.1)
      equatable (~> 0.5.0)
      necromancer (~> 0.3.0)
      pastel (~> 0.5.1)
      tty-pager (~> 0.3.0)
      tty-platform (~> 0.1.0)
      tty-progressbar (~> 0.7.0)
      tty-prompt (~> 0.2.0)
      tty-screen (~> 0.4.0)
      tty-spinner (~> 0.1.0)
      tty-table (~> 0.4.0)
      tty-which (~> 0.1.0)
    tty-cursor (0.2.0)
    tty-pager (0.3.0)
      tty-screen (~> 0.4.0)
      tty-which (~> 0.1.0)
      verse (~> 0.4.0)
    tty-platform (0.1.0)
    tty-progressbar (0.7.0)
      tty-screen (~> 0.4.0)
    tty-prompt (0.2.0)
      necromancer (~> 0.3.0)
      pastel (~> 0.5.1)
      tty-platform (~> 0.1.0)
    tty-screen (0.4.3)
    tty-spinner (0.1.0)
    tty-table (0.4.0)
      equatable (~> 0.5.0)
      necromancer (~> 0.3.0)
      pastel (~> 0.5.1)
      tty-screen (~> 0.4.0)
      unicode_utils (~> 1.4.0)
      verse (~> 0.4.0)
    tty-which (0.1.0)
    unicode_utils (1.4.0)
    verse (0.4.0)
      unicode_utils (~> 1.4.0)
    wisper (1.6.1)

PLATFORMS
  ruby

DEPENDENCIES
  pastel
  tty
  tty-prompt

BUNDLED WITH
   1.11.2
